{
    "Modality": "MR",
    "MagneticFieldStrength": 3,
    "ImagingFrequency": 123.250031,
    "Manufacturer": "Siemens",
    "ManufacturersModelName": "Prisma.Fit",
    "InstitutionName": "Caltech",
    "InstitutionAddress": "1200 E California Blvd, Pasadena, CA 91125, USA",
    "DeviceSerialNumber": "167050",
    "StationName": "PRISMA",
    "SeriesInstanceUID": "1.3.12.2.1107.5.2.43.167050.2025012914253656869654723.0.0.0",
    "StudyInstanceUID": "1.3.12.2.1107.5.2.43.167050.30000025012816051351400000016",
    "StudyID": "3",
    "PatientName": "Damy003",
    "PatientID": "Damy003",
    "AccessionNumber": "10140-21",
    "PatientBirthDate": "1966-03-01",
    "PatientSex": "M",
    "PatientWeight": 86.1826,
    "PatientAge": 58,
    "BodyPartExamined": "BRAIN",
    "PatientPosition": "HFS",
    "ProcedureStepDescription": "Gumpv2",
    "SoftwareVersions": "E11C",
    "MRAcquisitionType": "2D",
    "SeriesDescription": "task-gump7_bold",
    "ProtocolName": "task-gump7_bold",
    "ScanningSequence": "EP",
    "SequenceVariant": "SK\\SS\\OSP",
    "ScanOptions": "PFP\\FS\\EXT",
    "SequenceName": "epfid2d1_96",
    "ImageType": [
        "ORIGINAL",
        "PRIMARY",
        "M",
        "MB",
        "ND",
        "MOSAIC"
    ],
    "NonlinearGradientCorrection": false,
    "SeriesNumber": 44,
    "AcquisitionTime": "14:25:55.127500",
    "AcquisitionDateTime": "2025-01-29T14:25:55.127500",
    "AcquisitionNumber": 1,
    "ImageComments": "Unaliased MB4/PE3/LB",
    "SliceThickness": 2,
    "SpacingBetweenSlices": 2,
    "SAR": 0.0565321,
    "EchoTime": 0.03,
    "RepetitionTime": 0.556,
    "FlipAngle": 48,
    "PartialFourier": 0.875,
    "BaseResolution": 96,
    "ShimSetting": [
        6991,
        -3577,
        7952,
        125,
        1,
        -171,
        74,
        14
    ],
    "TxRefAmp": 268.602,
    "PhaseResolution": 1,
    "PhaseOversampling": 0.1,
    "ReceiveCoilName": "Head_32",
    "ReceiveCoilActiveElements": "HEA;HEP",
    "PulseSequenceDetails": "%CustomerSeq%\\cmrr_mbep2d_bold",
    "WipMemBlock": "6bc056bb-e304-4f8f-824a-695897679b23||Sequence: R016 ve11c/master r/e634e98; Dec 19 2017 11:00:25 by eja",
    "CoilCombinationMethod": "Sum of Squares",
    "ConsistencyInfo": "N4_VE11C_LATEST_20160120",
    "MatrixCoilMode": "SENSE",
    "MultibandAccelerationFactor": 4,
    "PercentPhaseFOV": 100,
    "PercentSampling": 100,
    "EchoTrainLength": 93,
    "PhaseEncodingSteps": 93,
    "AcquisitionMatrixPE": 96,
    "ReconMatrixPE": 96,
    "BandwidthPerPixelPhaseEncode": 15.99,
    "EffectiveEchoSpacing": 0.000651449,
    "DerivedVendorReportedEchoSpacing": 0.000592226,
    "TotalReadoutTime": 0.0618876,
    "PixelBandwidth": 2480,
    "PhaseEncodingDirection": "j-",
    "SliceTiming": [
        0,
        0.3075,
        0.0775,
        0.385,
        0.155,
        0.46,
        0.23,
        0,
        0.3075,
        0.0775,
        0.385,
        0.155,
        0.46,
        0.23,
        0,
        0.3075,
        0.0775,
        0.385,
        0.155,
        0.46,
        0.23,
        0,
        0.3075,
        0.0775,
        0.385,
        0.155,
        0.46,
        0.23
    ],
    "ImageOrientationPatientDICOM": [
        1,
        0,
        0,
        0,
        0.97437,
        -0.224951
    ],
    "InPlanePhaseEncodingDirectionDICOM": "COL",
    "BidsGuess": [
        "func",
        "_acq-epfid2m4_dir-AP_run-44_bold"
    ],
    "ConversionSoftware": "dcm2niix",
    "ConversionSoftwareVersion": "v1.0.20240202",
    "TaskName": "gump7",
    "GradientSetType": "XR",
    "MRTransmitCoilSequence": "Unknown",
    "MTState": false,
    "InstitutionalDepartmentName": "Caltech Brain Imaging Center"
}