{
    "Modality": "MR",
    "MagneticFieldStrength": 3,
    "ImagingFrequency": 123.249979,
    "Manufacturer": "Siemens",
    "ManufacturersModelName": "Prisma.Fit",
    "InstitutionName": "Caltech",
    "InstitutionAddress": "1200 E California Blvd, Pasadena, CA 91125, USA",
    "DeviceSerialNumber": "167050",
    "StationName": "PRISMA",
    "SeriesInstanceUID": "1.3.12.2.1107.5.2.43.167050.202501241813326647941894.0.0.0",
    "StudyInstanceUID": "1.3.12.2.1107.5.2.43.167050.30000025011522404381400000064",
    "StudyID": "3",
    "PatientName": "Damy002",
    "PatientID": "Damy002",
    "AccessionNumber": "10136-013",
    "PatientBirthDate": "1996-07-01",
    "PatientSex": "F",
    "PatientWeight": 58.967,
    "PatientAge": 28,
    "BodyPartExamined": "BRAIN",
    "PatientPosition": "HFS",
    "ProcedureStepDescription": "Gumpv2",
    "SoftwareVersions": "E11C",
    "MRAcquisitionType": "2D",
    "SeriesDescription": "acq-gump7_dir-PA_epi",
    "ProtocolName": "acq-gump7_dir-PA_epi",
    "ScanningSequence": "EP",
    "SequenceVariant": "SK\\OSP",
    "ScanOptions": "PFP\\FS",
    "SequenceName": "epse2d1_96",
    "ImageType": [
        "ORIGINAL",
        "PRIMARY",
        "P",
        "ND",
        "MOSAIC",
        "PHASE"
    ],
    "NonlinearGradientCorrection": false,
    "SeriesNumber": 50,
    "AcquisitionTime": "18:13:32.927500",
    "AcquisitionDateTime": "2025-01-24T18:13:32.927500",
    "AcquisitionNumber": 1,
    "SliceThickness": 2,
    "SpacingBetweenSlices": 2,
    "SAR": 0.223941,
    "EchoTime": 0.053,
    "RepetitionTime": 2.769,
    "FlipAngle": 90,
    "EchoTime1": 0.053,
    "EchoTime2": 0.001,
    "PartialFourier": 0.875,
    "BaseResolution": 96,
    "ShimSetting": [
        6963,
        -3633,
        8020,
        564,
        30,
        -49,
        44,
        61
    ],
    "TxRefAmp": 247.593,
    "PhaseResolution": 1,
    "PhaseOversampling": 0.1,
    "VendorReportedEchoSpacing": 0.00059,
    "ReceiveCoilName": "Head_32",
    "ReceiveCoilActiveElements": "HEA;HEP",
    "PulseSequenceDetails": "%CustomerSeq%\\cmrr_mbep2d_se",
    "WipMemBlock": "a5b8bde0-e2e0-479e-98ce-f3caade9e655||Sequence: R016 ve11c/master r/e634e98; Dec 19 2017 11:22:56 by eja",
    "CoilCombinationMethod": "Sum of Squares",
    "ConsistencyInfo": "N4_VE11C_LATEST_20160120",
    "MatrixCoilMode": "SENSE",
    "PercentPhaseFOV": 100,
    "PercentSampling": 100,
    "EchoTrainLength": 93,
    "PhaseEncodingSteps": 93,
    "AcquisitionMatrixPE": 96,
    "ReconMatrixPE": 96,
    "BandwidthPerPixelPhaseEncode": 15.99,
    "EffectiveEchoSpacing": 0.000651449,
    "DerivedVendorReportedEchoSpacing": 0.000592226,
    "TotalReadoutTime": 0.0618876,
    "PixelBandwidth": 2480,
    "PhaseEncodingDirection": "j",
    "SliceTiming": [
        1.375,
        0,
        1.4725,
        0.0975,
        1.57,
        0.1975,
        1.67,
        0.295,
        1.7675,
        0.3925,
        1.865,
        0.49,
        1.9625,
        0.59,
        2.0625,
        0.6875,
        2.16,
        0.785,
        2.2575,
        0.8825,
        2.355,
        0.9825,
        2.455,
        1.08,
        2.5525,
        1.1775,
        2.65,
        1.2775
    ],
    "ImageOrientationPatientDICOM": [
        1,
        0,
        0,
        0,
        0.97437,
        -0.224951
    ],
    "InPlanePhaseEncodingDirectionDICOM": "COL",
    "BidsGuess": [
        "fmap",
        "_acq-epse2_dir-PA_run-50_part-phase_epi"
    ],
    "ConversionSoftware": "dcm2niix",
    "ConversionSoftwareVersion": "v1.0.20240202",
    "IntendedFor": [],
    "Units": "arbitrary",
    "GradientSetType": "XR",
    "MRTransmitCoilSequence": "Unknown",
    "MTState": false,
    "InstitutionalDepartmentName": "Caltech Brain Imaging Center"
}