{
    "Modality": "MR",
    "MagneticFieldStrength": 3,
    "ImagingFrequency": 123.25,
    "Manufacturer": "Siemens",
    "ManufacturersModelName": "Prisma.Fit",
    "InstitutionName": "Caltech",
    "InstitutionalDepartmentName": "Caltech Brain Imaging Center",
    "InstitutionAddress": "1200 E California Blvd, Pasadena, CA 91125, USA",
    "DeviceSerialNumber": "167050",
    "StationName": "PRISMA",
    "SeriesInstanceUID": "1.3.12.2.1107.5.2.43.167050.2022022415054779758057607.0.0.0",
    "StudyInstanceUID": "1.3.12.2.1107.5.2.43.167050.30000022021105063319300000130",
    "ReferringPhysicianName": "tyszka",
    "StudyID": "6",
    "PatientName": "DAmy001",
    "PatientID": "Damy001",
    "AccessionNumber": "9355-005",
    "PatientBirthDate": "1963-01-01",
    "PatientSex": "M",
    "PatientWeight": 63.5029,
    "BodyPartExamined": "BRAIN",
    "PatientPosition": "HFS",
    "SoftwareVersions": "E11C",
    "MRAcquisitionType": "2D",
    "SeriesDescription": "acq-fobs_run-01_dir-AP_epi",
    "ProtocolName": "acq-fobs_run-01_dir-AP_epi",
    "ScanningSequence": "EP",
    "SequenceVariant": "SK\\OSP",
    "ScanOptions": "FS",
    "SequenceName": "epse2d1_80",
    "ImageType": [
        "ORIGINAL",
        "PRIMARY",
        "M",
        "ND",
        "MOSAIC"
    ],
    "NonlinearGradientCorrection": false,
    "SeriesNumber": 19,
    "AcquisitionTime": "15:05:48.865000",
    "AcquisitionDateTime": "2022-02-24T15:05:48.865000",
    "AcquisitionNumber": 1,
    "SliceThickness": 2.5,
    "SpacingBetweenSlices": 2.5,
    "SAR": 0.252594,
    "EchoTime": 0.048,
    "RepetitionTime": 5.5,
    "FlipAngle": 90,
    "PartialFourier": 1,
    "BaseResolution": 80,
    "ShimSetting": [
        6982,
        -3649,
        7912,
        299,
        -92,
        41,
        -79,
        1
    ],
    "TxRefAmp": 253.291,
    "PhaseResolution": 1,
    "PhaseOversampling": 0.1,
    "ReceiveCoilName": "Head_32",
    "ReceiveCoilActiveElements": "HEA;HEP",
    "PulseSequenceDetails": "%CustomerSeq%\\cmrr_mbep2d_se",
    "WipMemBlock": "616b0684-a093-423c-b0e6-0afa78582775||Sequence: R016 ve11c/master r/e634e98; Dec 19 2017 11:22:56 by eja",
    "CoilCombinationMethod": "Sum of Squares",
    "ConsistencyInfo": "N4_VE11C_LATEST_20160120",
    "MatrixCoilMode": "SENSE",
    "PercentPhaseFOV": 100,
    "PercentSampling": 100,
    "EchoTrainLength": 88,
    "PhaseEncodingSteps": 88,
    "AcquisitionMatrixPE": 80,
    "ReconMatrixPE": 80,
    "BandwidthPerPixelPhaseEncode": 23.191,
    "EffectiveEchoSpacing": 0.000539002,
    "DerivedVendorReportedEchoSpacing": 0.000490002,
    "TotalReadoutTime": 0.0425812,
    "PixelBandwidth": 2715,
    "DwellTime": 2.3e-06,
    "PhaseEncodingDirection": "j-",
    "SliceTiming": [
        0,
        2.7825,
        0.085,
        2.865,
        0.1675,
        2.95,
        0.2525,
        3.035,
        0.3375,
        3.12,
        0.4225,
        3.2025,
        0.505,
        3.2875,
        0.59,
        3.3725,
        0.675,
        3.455,
        0.7575,
        3.54,
        0.8425,
        3.625,
        0.9275,
        3.71,
        1.0125,
        3.7925,
        1.095,
        3.8775,
        1.18,
        3.9625,
        1.265,
        4.0475,
        1.3475,
        4.13,
        1.4325,
        4.215,
        1.5175,
        4.3,
        1.6025,
        4.3825,
        1.685,
        4.4675,
        1.77,
        4.5525,
        1.855,
        4.6375,
        1.94,
        4.72,
        2.0225,
        4.805,
        2.1075,
        4.89,
        2.1925,
        4.9725,
        2.275,
        5.0575,
        2.36,
        5.1425,
        2.445,
        5.2275,
        2.53,
        5.31,
        2.6125,
        5.395,
        2.6975
    ],
    "ImageOrientationPatientDICOM": [
        1,
        0,
        0,
        0,
        0.939693,
        -0.34202
    ],
    "ImageOrientationText": "Tra>Cor(-20.0)",
    "InPlanePhaseEncodingDirectionDICOM": "COL",
    "ConversionSoftware": "dcm2niix",
    "ConversionSoftwareVersion": "v1.0.20220720",
    "IntendedFor": [
        "ses-funcloc/func/sub-Damy001_ses-funcloc_task-fobs_dir-AP_run-02_part-mag_bold.nii.gz"
    ],
    "GradientSetType": "XR",
    "MRTransmitCoilSequence": "Unknown",
    "MTState": false
}