{
    "Modality": "MR",
    "MagneticFieldStrength": 3,
    "ImagingFrequency": 123.25,
    "Manufacturer": "Siemens",
    "ManufacturersModelName": "Prisma.Fit",
    "InstitutionName": "Caltech",
    "InstitutionalDepartmentName": "Caltech Brain Imaging Center",
    "InstitutionAddress": "1200 E California Blvd, Pasadena, CA 91125, USA",
    "DeviceSerialNumber": "167050",
    "StationName": "PRISMA",
    "SeriesInstanceUID": "1.3.12.2.1107.5.2.43.167050.2022060217101685948699656.0.0.0",
    "StudyInstanceUID": "1.3.12.2.1107.5.2.43.167050.30000022052717035853300000040",
    "ReferringPhysicianName": "Adolphs",
    "StudyID": "3",
    "PatientName": "Damy003",
    "PatientID": "Damy003",
    "AccessionNumber": "9496-016",
    "PatientBirthDate": "1966-03-01",
    "PatientSex": "M",
    "PatientWeight": 92.9865,
    "BodyPartExamined": "BRAIN",
    "PatientPosition": "HFS",
    "SoftwareVersions": "E11C",
    "MRAcquisitionType": "2D",
    "SeriesDescription": "seqtype-func_task-planetearth2p1_bold",
    "ProtocolName": "seqtype-func_task-planetearth2p1_bold",
    "ScanningSequence": "EP",
    "SequenceVariant": "SK\\SS\\OSP",
    "ScanOptions": "PFP\\FS\\EXT",
    "SequenceName": "epfid2d1_96",
    "ImageType": [
        "ORIGINAL",
        "PRIMARY",
        "P",
        "MB",
        "ND",
        "MOSAIC",
        "PHASE"
    ],
    "SeriesNumber": 39,
    "AcquisitionTime": "17:10:20.847500",
    "AcquisitionDateTime": "2022-06-02T17:10:20.847500",
    "AcquisitionNumber": 1,
    "ImageComments": "Unaliased MB4/PE3/LB\r\nfw",
    "SliceThickness": 2,
    "SpacingBetweenSlices": 2,
    "SAR": 0.0569169,
    "EchoTime": 0.03,
    "RepetitionTime": 0.556,
    "FlipAngle": 48,
    "EchoTime1": 0.03,
    "EchoTime2": 0.001,
    "PartialFourier": 0.875,
    "BaseResolution": 96,
    "ShimSetting": [
        6986,
        -3538,
        7980,
        72,
        -58,
        -180,
        -127,
        -35
    ],
    "TxRefAmp": 275.9,
    "PhaseResolution": 1,
    "PhaseOversampling": 0.1,
    "ReceiveCoilName": "Head_32",
    "ReceiveCoilActiveElements": "HEA;HEP",
    "PulseSequenceDetails": "%CustomerSeq%\\cmrr_mbep2d_bold",
    "WipMemBlock": "9c67efdf-1940-4d3b-9141-4f3f4b3fb6a9||Sequence: R016 ve11c/master r/e634e98; Dec 19 2017 11:00:25 by eja",
    "CoilCombinationMethod": "Sum of Squares",
    "ConsistencyInfo": "N4_VE11C_LATEST_20160120",
    "MatrixCoilMode": "SENSE",
    "MultibandAccelerationFactor": 4,
    "PercentPhaseFOV": 100,
    "PercentSampling": 100,
    "EchoTrainLength": 93,
    "PhaseEncodingSteps": 93,
    "AcquisitionMatrixPE": 96,
    "ReconMatrixPE": 96,
    "BandwidthPerPixelPhaseEncode": 15.99,
    "EffectiveEchoSpacing": 0.000651449,
    "DerivedVendorReportedEchoSpacing": 0.000592226,
    "TotalReadoutTime": 0.0618876,
    "PixelBandwidth": 2480,
    "DwellTime": 2.1e-06,
    "PhaseEncodingDirection": "j-",
    "SliceTiming": [
        0,
        0.305,
        0.075,
        0.3825,
        0.1525,
        0.46,
        0.23,
        0,
        0.305,
        0.075,
        0.3825,
        0.1525,
        0.46,
        0.23,
        0,
        0.305,
        0.075,
        0.3825,
        0.1525,
        0.46,
        0.23,
        0,
        0.305,
        0.075,
        0.3825,
        0.1525,
        0.46,
        0.23
    ],
    "ImageOrientationPatientDICOM": [
        1,
        0,
        0,
        0,
        0.985109,
        -0.171929
    ],
    "ImageOrientationText": "Tra>Cor(-9.9)",
    "InPlanePhaseEncodingDirectionDICOM": "COL",
    "ConversionSoftware": "dcm2niix",
    "ConversionSoftwareVersion": "v1.0.20211006",
    "TaskName": "planetearth2p1",
    "Units": "arbitrary",
    "GradientSetType": "XR",
    "MRTransmitCoilSequence": "Unknown",
    "MTState": false
}