{
    "Modality": "MR",
    "MagneticFieldStrength": 3,
    "ImagingFrequency": 123.25,
    "Manufacturer": "Siemens",
    "ManufacturersModelName": "Prisma.Fit",
    "InstitutionName": "Caltech",
    "InstitutionalDepartmentName": "Caltech Brain Imaging Center",
    "InstitutionAddress": "1200 E California Blvd, Pasadena, CA 91125, USA",
    "DeviceSerialNumber": "167050",
    "StationName": "PRISMA",
    "SeriesInstanceUID": "1.3.12.2.1107.5.2.43.167050.2022060915232556371085421.0.0.0",
    "StudyInstanceUID": "1.3.12.2.1107.5.2.43.167050.30000022060822500546500000022",
    "ReferringPhysicianName": "Adolphs",
    "StudyID": "5",
    "PatientName": "Damy002",
    "PatientID": "Damy002",
    "AccessionNumber": "9506-018",
    "PatientBirthDate": "1996-07-01",
    "PatientSex": "F",
    "PatientWeight": 61.235,
    "BodyPartExamined": "BRAIN",
    "PatientPosition": "HFS",
    "SoftwareVersions": "E11C",
    "MRAcquisitionType": "2D",
    "SeriesDescription": "seqtype-func_task-jiro3_bold_SBRef",
    "ProtocolName": "seqtype-func_task-jiro3_bold",
    "ScanningSequence": "EP",
    "SequenceVariant": "SK\\SS\\OSP",
    "ScanOptions": "PFP\\FS\\EXT",
    "SequenceName": "epfid2d1_96",
    "ImageType": [
        "ORIGINAL",
        "PRIMARY",
        "M",
        "ND",
        "MOSAIC"
    ],
    "SeriesNumber": 49,
    "AcquisitionTime": "15:23:22.650000",
    "AcquisitionDateTime": "2022-06-09T15:23:22.650000",
    "AcquisitionNumber": 1,
    "ImageComments": "Single-band reference\r\nfw",
    "SliceThickness": 2,
    "SpacingBetweenSlices": 2,
    "SAR": 0.0659875,
    "EchoTime": 0.03,
    "RepetitionTime": 0.556,
    "FlipAngle": 48,
    "PartialFourier": 0.875,
    "BaseResolution": 96,
    "ShimSetting": [
        7003,
        -3587,
        8007,
        497,
        75,
        0,
        -98,
        -32
    ],
    "TxRefAmp": 251.62,
    "PhaseResolution": 1,
    "PhaseOversampling": 0.1,
    "ReceiveCoilName": "Head_32",
    "ReceiveCoilActiveElements": "HEA;HEP",
    "PulseSequenceDetails": "%CustomerSeq%\\cmrr_mbep2d_bold",
    "WipMemBlock": "bd4dd908-6543-4ee5-be88-52ada6f4867b||Sequence: R016 ve11c/master r/e634e98; Dec 19 2017 11:00:25 by eja",
    "CoilCombinationMethod": "Sum of Squares",
    "ConsistencyInfo": "N4_VE11C_LATEST_20160120",
    "MatrixCoilMode": "SENSE",
    "PercentPhaseFOV": 100,
    "PercentSampling": 100,
    "EchoTrainLength": 93,
    "PhaseEncodingSteps": 93,
    "AcquisitionMatrixPE": 96,
    "ReconMatrixPE": 96,
    "BandwidthPerPixelPhaseEncode": 15.99,
    "EffectiveEchoSpacing": 0.000651449,
    "DerivedVendorReportedEchoSpacing": 0.000592226,
    "TotalReadoutTime": 0.0618876,
    "PixelBandwidth": 2480,
    "DwellTime": 2.1e-06,
    "PhaseEncodingDirection": "j-",
    "SliceTiming": [
        0,
        0.075,
        0.1525,
        0.2275,
        0.305,
        0.3825,
        0.4575,
        0.535,
        0.61,
        0.6875,
        0.765,
        0.84,
        0.9175,
        0.995,
        1.07,
        1.1475,
        1.2225,
        1.3,
        1.3775,
        1.4525,
        1.53,
        1.6075,
        1.6825,
        1.76,
        1.835,
        1.9125,
        1.99,
        2.065
    ],
    "ImageOrientationPatientDICOM": [
        1,
        0,
        0,
        0,
        0.993373,
        -0.114937
    ],
    "ImageOrientationText": "Tra>Cor(-6.6)",
    "InPlanePhaseEncodingDirectionDICOM": "COL",
    "ConversionSoftware": "dcm2niix",
    "ConversionSoftwareVersion": "v1.0.20211006",
    "TaskName": "jiro3",
    "GradientSetType": "XR",
    "MRTransmitCoilSequence": "Unknown",
    "MTState": false
}