{
    "Modality": "MR",
    "MagneticFieldStrength": 3,
    "ImagingFrequency": 123.249989,
    "Manufacturer": "Siemens",
    "ManufacturersModelName": "Prisma.Fit",
    "InstitutionName": "Caltech",
    "InstitutionAddress": "1200 E California Blvd, Pasadena, CA 91125, USA",
    "DeviceSerialNumber": "167050",
    "StationName": "PRISMA",
    "SeriesInstanceUID": "1.3.12.2.1107.5.2.43.167050.2025012810483587551535149.0.0.0",
    "StudyInstanceUID": "1.3.12.2.1107.5.2.43.167050.30000025012816051351400000004",
    "StudyID": "2",
    "PatientName": "Damy003",
    "PatientID": "Damy003",
    "AccessionNumber": "10137-20",
    "PatientBirthDate": "1966-03-01",
    "PatientSex": "M",
    "PatientWeight": 88.4505,
    "PatientAge": 58,
    "BodyPartExamined": "BRAIN",
    "PatientPosition": "HFS",
    "ProcedureStepDescription": "Gumpv2",
    "SoftwareVersions": "E11C",
    "MRAcquisitionType": "2D",
    "SeriesDescription": "acq-gump1_dir-PA_epi",
    "ProtocolName": "acq-gump1_dir-PA_epi",
    "ScanningSequence": "EP",
    "SequenceVariant": "SK\\OSP",
    "ScanOptions": "PFP\\FS",
    "SequenceName": "epse2d1_96",
    "ImageType": [
        "ORIGINAL",
        "PRIMARY",
        "M",
        "ND",
        "MOSAIC"
    ],
    "NonlinearGradientCorrection": false,
    "SeriesNumber": 24,
    "AcquisitionTime": "10:48:36.870000",
    "AcquisitionDateTime": "2025-01-28T10:48:36.870000",
    "AcquisitionNumber": 1,
    "SliceThickness": 2,
    "SpacingBetweenSlices": 2,
    "SAR": 0.191189,
    "EchoTime": 0.053,
    "RepetitionTime": 2.769,
    "FlipAngle": 90,
    "PartialFourier": 0.875,
    "BaseResolution": 96,
    "ShimSetting": [
        6986,
        -3567,
        7946,
        165,
        -91,
        -182,
        66,
        2
    ],
    "TxRefAmp": 272.057,
    "PhaseResolution": 1,
    "PhaseOversampling": 0.1,
    "VendorReportedEchoSpacing": 0.00059,
    "ReceiveCoilName": "Head_32",
    "ReceiveCoilActiveElements": "HEA;HEP",
    "PulseSequenceDetails": "%CustomerSeq%\\cmrr_mbep2d_se",
    "WipMemBlock": "762f625b-7a6d-4961-8c0c-f37720cffd85||Sequence: R016 ve11c/master r/e634e98; Dec 19 2017 11:22:56 by eja",
    "CoilCombinationMethod": "Sum of Squares",
    "ConsistencyInfo": "N4_VE11C_LATEST_20160120",
    "MatrixCoilMode": "SENSE",
    "PercentPhaseFOV": 100,
    "PercentSampling": 100,
    "EchoTrainLength": 93,
    "PhaseEncodingSteps": 93,
    "AcquisitionMatrixPE": 96,
    "ReconMatrixPE": 96,
    "BandwidthPerPixelPhaseEncode": 15.99,
    "EffectiveEchoSpacing": 0.000651449,
    "DerivedVendorReportedEchoSpacing": 0.000592226,
    "TotalReadoutTime": 0.0618876,
    "PixelBandwidth": 2480,
    "PhaseEncodingDirection": "j",
    "SliceTiming": [
        1.3725,
        0,
        1.4725,
        0.0975,
        1.57,
        0.195,
        1.6675,
        0.2925,
        1.765,
        0.3925,
        1.865,
        0.49,
        1.9625,
        0.5875,
        2.06,
        0.685,
        2.1575,
        0.785,
        2.2575,
        0.8825,
        2.355,
        0.98,
        2.4525,
        1.0775,
        2.5525,
        1.1775,
        2.65,
        1.275
    ],
    "ImageOrientationPatientDICOM": [
        1,
        0,
        0,
        0,
        0.978509,
        -0.206204
    ],
    "InPlanePhaseEncodingDirectionDICOM": "COL",
    "BidsGuess": [
        "fmap",
        "_acq-epse2_dir-PA_run-24_epi"
    ],
    "ConversionSoftware": "dcm2niix",
    "ConversionSoftwareVersion": "v1.0.20240202",
    "IntendedFor": [
        "ses-gumpv2a/func/sub-Damy003_ses-gumpv2a_task-gump2_part-mag_bold.nii.gz",
        "ses-gumpv2a/func/sub-Damy003_ses-gumpv2a_task-gump2_part-phase_bold.nii.gz"
    ],
    "GradientSetType": "XR",
    "MRTransmitCoilSequence": "Unknown",
    "MTState": false,
    "InstitutionalDepartmentName": "Caltech Brain Imaging Center"
}