{
    "Modality": "MR",
    "MagneticFieldStrength": 3,
    "ImagingFrequency": 123.25,
    "Manufacturer": "Siemens",
    "ManufacturersModelName": "Prisma.Fit",
    "InstitutionName": "Caltech",
    "InstitutionalDepartmentName": "Caltech Brain Imaging Center",
    "InstitutionAddress": "1200 E California Blvd, Pasadena, CA 91125, USA",
    "DeviceSerialNumber": "167050",
    "StationName": "PRISMA",
    "SeriesInstanceUID": "1.3.12.2.1107.5.2.43.167050.2022033118005282277846720.0.0.0",
    "StudyInstanceUID": "1.3.12.2.1107.5.2.43.167050.30000022030122104527100000232",
    "ReferringPhysicianName": "Adolphs",
    "StudyID": "1",
    "PatientName": "DAmy003",
    "PatientID": "Damy003",
    "AccessionNumber": "9414-003",
    "PatientBirthDate": "1966-03-01",
    "PatientSex": "M",
    "PatientWeight": 92.9865,
    "BodyPartExamined": "BRAIN",
    "PatientPosition": "HFS",
    "SoftwareVersions": "E11C",
    "MRAcquisitionType": "2D",
    "SeriesDescription": "acq-gump0_dir-PA_epi",
    "ProtocolName": "acq-gump0_dir-PA_epi",
    "ScanningSequence": "EP",
    "SequenceVariant": "SK\\OSP",
    "ScanOptions": "PFP\\FS",
    "SequenceName": "epse2d1_96",
    "ImageType": [
        "ORIGINAL",
        "PRIMARY",
        "P",
        "ND",
        "MOSAIC",
        "PHASE"
    ],
    "SeriesNumber": 32,
    "AcquisitionTime": "18:00:53.872500",
    "AcquisitionDateTime": "2022-03-31T18:00:53.872500",
    "AcquisitionNumber": 1,
    "SliceThickness": 2,
    "SpacingBetweenSlices": 2,
    "SAR": 0.202641,
    "EchoTime": 0.053,
    "RepetitionTime": 2.769,
    "FlipAngle": 90,
    "EchoTime1": 0.053,
    "EchoTime2": 0.001,
    "PartialFourier": 0.875,
    "BaseResolution": 96,
    "ShimSetting": [
        6989,
        -3544,
        7916,
        173,
        -55,
        93,
        53,
        -10
    ],
    "TxRefAmp": 279.339,
    "PhaseResolution": 1,
    "PhaseOversampling": 0.1,
    "VendorReportedEchoSpacing": 0.00059,
    "ReceiveCoilName": "Head_32",
    "ReceiveCoilActiveElements": "HEA;HEP",
    "PulseSequenceDetails": "%CustomerSeq%\\cmrr_mbep2d_se",
    "WipMemBlock": "48eba088-6077-4a69-a8ea-a3e0d5a36d45||Sequence: R016 ve11c/master r/e634e98; Dec 19 2017 11:22:56 by eja",
    "CoilCombinationMethod": "Sum of Squares",
    "ConsistencyInfo": "N4_VE11C_LATEST_20160120",
    "MatrixCoilMode": "SENSE",
    "PercentPhaseFOV": 100,
    "PercentSampling": 100,
    "EchoTrainLength": 93,
    "PhaseEncodingSteps": 93,
    "AcquisitionMatrixPE": 96,
    "ReconMatrixPE": 96,
    "BandwidthPerPixelPhaseEncode": 15.99,
    "EffectiveEchoSpacing": 0.000651449,
    "DerivedVendorReportedEchoSpacing": 0.000592226,
    "TotalReadoutTime": 0.0618876,
    "PixelBandwidth": 2480,
    "DwellTime": 2.1e-06,
    "PhaseEncodingDirection": "j",
    "SliceTiming": [
        1.375,
        0,
        1.4725,
        0.0975,
        1.57,
        0.1975,
        1.67,
        0.295,
        1.7675,
        0.3925,
        1.865,
        0.49,
        1.9625,
        0.59,
        2.0625,
        0.6875,
        2.16,
        0.785,
        2.2575,
        0.8825,
        2.355,
        0.9825,
        2.455,
        1.08,
        2.5525,
        1.1775,
        2.65,
        1.2775
    ],
    "ImageOrientationPatientDICOM": [
        1,
        0,
        0,
        0,
        0.956305,
        -0.292372
    ],
    "ImageOrientationText": "Tra>Cor(-17.0)",
    "InPlanePhaseEncodingDirectionDICOM": "COL",
    "ConversionSoftware": "dcm2niix",
    "ConversionSoftwareVersion": "v1.0.20211006",
    "IntendedFor": [
        "ses-1/func/sub-Damy003_ses-1_task-gump0_part-mag_bold.nii.gz",
        "ses-1/func/sub-Damy003_ses-1_task-gump0_part-mag_sbref.nii.gz"
    ],
    "Units": "arbitrary",
    "GradientSetType": "XR",
    "MRTransmitCoilSequence": "Unknown",
    "MTState": false
}