{
    "Modality": "MR",
    "MagneticFieldStrength": 3,
    "ImagingFrequency": 123.25,
    "Manufacturer": "Siemens",
    "ManufacturersModelName": "Prisma.Fit",
    "InstitutionName": "Caltech",
    "InstitutionalDepartmentName": "Caltech Brain Imaging Center",
    "InstitutionAddress": "1200 E California Blvd, Pasadena, CA 91125, USA",
    "DeviceSerialNumber": "167050",
    "StationName": "PRISMA",
    "SeriesInstanceUID": "1.3.12.2.1107.5.2.43.167050.2022041217423993026944562.0.0.0",
    "StudyInstanceUID": "1.3.12.2.1107.5.2.43.167050.30000022030122104527100000307",
    "ReferringPhysicianName": "Adolphs",
    "StudyID": "5",
    "PatientName": "DAmy003",
    "PatientID": "Damy003",
    "AccessionNumber": "9431-006",
    "PatientBirthDate": "1966-03-01",
    "PatientSex": "M",
    "PatientWeight": 92.9865,
    "BodyPartExamined": "BRAIN",
    "PatientPosition": "HFS",
    "SoftwareVersions": "E11C",
    "MRAcquisitionType": "2D",
    "SeriesDescription": "acq-gump5R_dir-PA_epi",
    "ProtocolName": "acq-gump5R_dir-PA_epi",
    "ScanningSequence": "EP",
    "SequenceVariant": "SK\\OSP",
    "ScanOptions": "PFP\\FS",
    "SequenceName": "epse2d1_96",
    "ImageType": [
        "ORIGINAL",
        "PRIMARY",
        "M",
        "ND",
        "MOSAIC"
    ],
    "SeriesNumber": 31,
    "AcquisitionTime": "17:42:40.915000",
    "AcquisitionDateTime": "2022-04-12T17:42:40.915000",
    "AcquisitionNumber": 1,
    "SliceThickness": 2,
    "SpacingBetweenSlices": 2,
    "SAR": 0.204506,
    "EchoTime": 0.053,
    "RepetitionTime": 2.769,
    "FlipAngle": 90,
    "PartialFourier": 0.875,
    "BaseResolution": 96,
    "ShimSetting": [
        6977,
        -3539,
        7916,
        161,
        -20,
        -9,
        69,
        28
    ],
    "TxRefAmp": 279.816,
    "PhaseResolution": 1,
    "PhaseOversampling": 0.1,
    "VendorReportedEchoSpacing": 0.00059,
    "ReceiveCoilName": "Head_32",
    "ReceiveCoilActiveElements": "HEA;HEP",
    "PulseSequenceDetails": "%CustomerSeq%\\cmrr_mbep2d_se",
    "WipMemBlock": "0f4618fd-9470-4bd2-81b1-d168a33c491c||Sequence: R016 ve11c/master r/e634e98; Dec 19 2017 11:22:56 by eja",
    "CoilCombinationMethod": "Sum of Squares",
    "ConsistencyInfo": "N4_VE11C_LATEST_20160120",
    "MatrixCoilMode": "SENSE",
    "PercentPhaseFOV": 100,
    "PercentSampling": 100,
    "EchoTrainLength": 93,
    "PhaseEncodingSteps": 93,
    "AcquisitionMatrixPE": 96,
    "ReconMatrixPE": 96,
    "BandwidthPerPixelPhaseEncode": 15.99,
    "EffectiveEchoSpacing": 0.000651449,
    "DerivedVendorReportedEchoSpacing": 0.000592226,
    "TotalReadoutTime": 0.0618876,
    "PixelBandwidth": 2480,
    "DwellTime": 2.1e-06,
    "PhaseEncodingDirection": "j",
    "SliceTiming": [
        1.375,
        0,
        1.4725,
        0.1,
        1.5725,
        0.1975,
        1.67,
        0.295,
        1.7675,
        0.395,
        1.8675,
        0.4925,
        1.965,
        0.59,
        2.0625,
        0.6875,
        2.16,
        0.7875,
        2.26,
        0.885,
        2.3575,
        0.9825,
        2.455,
        1.08,
        2.5525,
        1.18,
        2.6525,
        1.2775
    ],
    "ImageOrientationPatientDICOM": [
        1,
        0,
        0,
        0,
        0.951594,
        -0.307357
    ],
    "ImageOrientationText": "Tra>Cor(-17.9)",
    "InPlanePhaseEncodingDirectionDICOM": "COL",
    "ConversionSoftware": "dcm2niix",
    "ConversionSoftwareVersion": "v1.0.20211006",
    "IntendedFor": [
        "ses-4/func/sub-Damy003_ses-4_task-gump5R_part-mag_bold.nii.gz",
        "ses-4/func/sub-Damy003_ses-4_task-gump5R_part-mag_sbref.nii.gz"
    ],
    "GradientSetType": "XR",
    "MRTransmitCoilSequence": "Unknown",
    "MTState": false
}