{
    "Modality": "MR",
    "MagneticFieldStrength": 3,
    "ImagingFrequency": 123.25,
    "Manufacturer": "Siemens",
    "ManufacturersModelName": "Prisma.Fit",
    "InstitutionName": "Caltech",
    "InstitutionalDepartmentName": "Caltech Brain Imaging Center",
    "InstitutionAddress": "1200 E California Blvd, Pasadena, CA 91125, USA",
    "DeviceSerialNumber": "167050",
    "StationName": "PRISMA",
    "SeriesInstanceUID": "1.3.12.2.1107.5.2.43.167050.2022042816201077895505911.0.0.0",
    "StudyInstanceUID": "1.3.12.2.1107.5.2.43.167050.30000022030122104527100000439",
    "ReferringPhysicianName": "Adolphs",
    "StudyID": "8",
    "PatientName": "DAmy003",
    "PatientID": "Damy003",
    "AccessionNumber": "9458-009",
    "PatientBirthDate": "1966-03-01",
    "PatientSex": "M",
    "PatientWeight": 92.9865,
    "BodyPartExamined": "BRAIN",
    "PatientPosition": "HFS",
    "SoftwareVersions": "E11C",
    "MRAcquisitionType": "2D",
    "SeriesDescription": "acq-budapest4_dir-PA_epi",
    "ProtocolName": "acq-budapest4_dir-PA_epi",
    "ScanningSequence": "EP",
    "SequenceVariant": "SK\\OSP",
    "ScanOptions": "PFP\\FS",
    "SequenceName": "epse2d1_96",
    "ImageType": [
        "ORIGINAL",
        "PRIMARY",
        "M",
        "ND",
        "MOSAIC"
    ],
    "SeriesNumber": 43,
    "AcquisitionTime": "16:20:11.902500",
    "AcquisitionDateTime": "2022-04-28T16:20:11.902500",
    "AcquisitionNumber": 1,
    "SliceThickness": 2,
    "SpacingBetweenSlices": 2,
    "SAR": 0.205712,
    "EchoTime": 0.053,
    "RepetitionTime": 2.769,
    "FlipAngle": 90,
    "PartialFourier": 0.875,
    "BaseResolution": 96,
    "ShimSetting": [
        6981,
        -3546,
        7914,
        191,
        -16,
        71,
        56,
        -2
    ],
    "TxRefAmp": 280.457,
    "PhaseResolution": 1,
    "PhaseOversampling": 0.1,
    "VendorReportedEchoSpacing": 0.00059,
    "ReceiveCoilName": "Head_32",
    "ReceiveCoilActiveElements": "HEA;HEP",
    "PulseSequenceDetails": "%CustomerSeq%\\cmrr_mbep2d_se",
    "WipMemBlock": "4ccbe01c-21d0-4be5-ba89-3203aa9d3fb6||Sequence: R016 ve11c/master r/e634e98; Dec 19 2017 11:22:56 by eja",
    "CoilCombinationMethod": "Sum of Squares",
    "ConsistencyInfo": "N4_VE11C_LATEST_20160120",
    "MatrixCoilMode": "SENSE",
    "PercentPhaseFOV": 100,
    "PercentSampling": 100,
    "EchoTrainLength": 93,
    "PhaseEncodingSteps": 93,
    "AcquisitionMatrixPE": 96,
    "ReconMatrixPE": 96,
    "BandwidthPerPixelPhaseEncode": 15.99,
    "EffectiveEchoSpacing": 0.000651449,
    "DerivedVendorReportedEchoSpacing": 0.000592226,
    "TotalReadoutTime": 0.0618876,
    "PixelBandwidth": 2480,
    "DwellTime": 2.1e-06,
    "PhaseEncodingDirection": "j",
    "SliceTiming": [
        1.375,
        0,
        1.4725,
        0.0975,
        1.57,
        0.1975,
        1.67,
        0.295,
        1.7675,
        0.3925,
        1.865,
        0.49,
        1.9625,
        0.59,
        2.0625,
        0.6875,
        2.16,
        0.785,
        2.2575,
        0.8825,
        2.355,
        0.9825,
        2.455,
        1.08,
        2.5525,
        1.1775,
        2.65,
        1.2775
    ],
    "ImageOrientationPatientDICOM": [
        1,
        0,
        0,
        0,
        0.953717,
        -0.300706
    ],
    "ImageOrientationText": "Tra>Cor(-17.5)",
    "InPlanePhaseEncodingDirectionDICOM": "COL",
    "ConversionSoftware": "dcm2niix",
    "ConversionSoftwareVersion": "v1.0.20211006",
    "IntendedFor": [
        "ses-7/func/sub-Damy003_ses-7_task-budapest4_part-mag_bold.nii.gz",
        "ses-7/func/sub-Damy003_ses-7_task-budapest4_part-mag_sbref.nii.gz"
    ],
    "GradientSetType": "XR",
    "MRTransmitCoilSequence": "Unknown",
    "MTState": false
}