{
    "Modality": "MR",
    "MagneticFieldStrength": 3,
    "ImagingFrequency": 123.25,
    "Manufacturer": "Siemens",
    "ManufacturersModelName": "Prisma.Fit",
    "InstitutionName": "Caltech",
    "InstitutionalDepartmentName": "Caltech Brain Imaging Center",
    "InstitutionAddress": "1200 E California Blvd, Pasadena, CA 91125, USA",
    "DeviceSerialNumber": "167050",
    "StationName": "PRISMA",
    "SeriesInstanceUID": "1.3.12.2.1107.5.2.43.167050.2022030116445461654659686.0.0.0",
    "StudyInstanceUID": "1.3.12.2.1107.5.2.43.167050.30000022030122104527100000004",
    "ReferringPhysicianName": "Adolphs",
    "StudyID": "1",
    "PatientName": "Damy003",
    "PatientID": "Damy003",
    "AccessionNumber": "9307-002",
    "PatientBirthDate": "1966-03-01",
    "PatientSex": "M",
    "PatientWeight": 92.9865,
    "BodyPartExamined": "BRAIN",
    "PatientPosition": "HFS",
    "SoftwareVersions": "E11C",
    "MRAcquisitionType": "2D",
    "SeriesDescription": "acq-fobs_run-01_dir-AP_epi",
    "ProtocolName": "acq-fobs_run-01_dir-AP_epi",
    "ScanningSequence": "EP",
    "SequenceVariant": "SK\\OSP",
    "ScanOptions": "FS",
    "SequenceName": "epse2d1_80",
    "ImageType": [
        "ORIGINAL",
        "PRIMARY",
        "M",
        "ND",
        "MOSAIC"
    ],
    "NonlinearGradientCorrection": false,
    "SeriesNumber": 16,
    "AcquisitionTime": "16:44:56.510000",
    "AcquisitionDateTime": "2022-03-01T16:44:56.510000",
    "AcquisitionNumber": 1,
    "SliceThickness": 2.5,
    "SpacingBetweenSlices": 2.5,
    "SAR": 0.226524,
    "EchoTime": 0.048,
    "RepetitionTime": 5.5,
    "FlipAngle": 90,
    "PartialFourier": 1,
    "BaseResolution": 80,
    "ShimSetting": [
        6981,
        -3613,
        7917,
        204,
        -49,
        3,
        59,
        -36
    ],
    "TxRefAmp": 276.117,
    "PhaseResolution": 1,
    "PhaseOversampling": 0.1,
    "ReceiveCoilName": "Head_32",
    "ReceiveCoilActiveElements": "HEA;HEP",
    "PulseSequenceDetails": "%CustomerSeq%\\cmrr_mbep2d_se",
    "WipMemBlock": "55940b54-2960-48b0-a508-da5522f340e1||Sequence: R016 ve11c/master r/e634e98; Dec 19 2017 11:22:56 by eja",
    "CoilCombinationMethod": "Sum of Squares",
    "ConsistencyInfo": "N4_VE11C_LATEST_20160120",
    "MatrixCoilMode": "SENSE",
    "PercentPhaseFOV": 100,
    "PercentSampling": 100,
    "EchoTrainLength": 88,
    "PhaseEncodingSteps": 88,
    "AcquisitionMatrixPE": 80,
    "ReconMatrixPE": 80,
    "BandwidthPerPixelPhaseEncode": 23.191,
    "EffectiveEchoSpacing": 0.000539002,
    "DerivedVendorReportedEchoSpacing": 0.000490002,
    "TotalReadoutTime": 0.0425812,
    "PixelBandwidth": 2715,
    "DwellTime": 2.3e-06,
    "PhaseEncodingDirection": "j-",
    "SliceTiming": [
        0,
        2.7825,
        0.085,
        2.8675,
        0.17,
        2.95,
        0.2525,
        3.035,
        0.3375,
        3.12,
        0.4225,
        3.205,
        0.5075,
        3.2875,
        0.59,
        3.3725,
        0.675,
        3.4575,
        0.76,
        3.54,
        0.8425,
        3.625,
        0.9275,
        3.71,
        1.0125,
        3.795,
        1.0975,
        3.8775,
        1.18,
        3.9625,
        1.265,
        4.0475,
        1.35,
        4.1325,
        1.4325,
        4.215,
        1.5175,
        4.3,
        1.6025,
        4.385,
        1.6875,
        4.4675,
        1.77,
        4.5525,
        1.855,
        4.6375,
        1.94,
        4.7225,
        2.025,
        4.805,
        2.1075,
        4.89,
        2.1925,
        4.975,
        2.2775,
        5.0575,
        2.36,
        5.1425,
        2.445,
        5.2275,
        2.53,
        5.3125,
        2.615,
        5.395,
        2.6975
    ],
    "ImageOrientationPatientDICOM": [
        1,
        0,
        0,
        0,
        0.939693,
        -0.34202
    ],
    "ImageOrientationText": "Tra>Cor(-20.0)",
    "InPlanePhaseEncodingDirectionDICOM": "COL",
    "ConversionSoftware": "dcm2niix",
    "ConversionSoftwareVersion": "v1.0.20220720",
    "IntendedFor": [
        "ses-funcloc/func/sub-Damy003_ses-funcloc_task-fobs_dir-AP_run-02_part-mag_bold.nii.gz"
    ],
    "GradientSetType": "XR",
    "MRTransmitCoilSequence": "Unknown",
    "MTState": false
}