{
    "Modality": "MR",
    "MagneticFieldStrength": 3,
    "ImagingFrequency": 123.250059,
    "Manufacturer": "Siemens",
    "ManufacturersModelName": "Prisma.Fit",
    "InstitutionName": "Caltech",
    "InstitutionAddress": "1200 E California Blvd, Pasadena, CA 91125, USA",
    "DeviceSerialNumber": "167050",
    "StationName": "PRISMA",
    "SeriesInstanceUID": "1.3.12.2.1107.5.2.43.167050.2025012215204852662023243.0.0.0",
    "StudyInstanceUID": "1.3.12.2.1107.5.2.43.167050.30000025011522404381400000034",
    "StudyID": "2",
    "PatientName": "Damy001",
    "PatientID": "Damy001",
    "AccessionNumber": "10130-023",
    "PatientBirthDate": "1963-01-01",
    "PatientSex": "M",
    "PatientWeight": 63.5029,
    "PatientAge": 62,
    "BodyPartExamined": "BRAIN",
    "PatientPosition": "HFS",
    "ProcedureStepDescription": "Gumpv2",
    "SoftwareVersions": "E11C",
    "MRAcquisitionType": "2D",
    "SeriesDescription": "task-gump2_bold",
    "ProtocolName": "task-gump2_bold",
    "ScanningSequence": "EP",
    "SequenceVariant": "SK\\SS\\OSP",
    "ScanOptions": "PFP\\FS\\EXT",
    "SequenceName": "epfid2d1_96",
    "ImageType": [
        "ORIGINAL",
        "PRIMARY",
        "P",
        "MB",
        "ND",
        "MOSAIC",
        "PHASE"
    ],
    "NonlinearGradientCorrection": false,
    "SeriesNumber": 32,
    "AcquisitionTime": "15:21:14.632500",
    "AcquisitionDateTime": "2025-01-22T15:21:14.632500",
    "AcquisitionNumber": 1,
    "ImageComments": "Unaliased MB4/PE3/LB",
    "SliceThickness": 2,
    "SpacingBetweenSlices": 2,
    "SAR": 0.0587285,
    "EchoTime": 0.03,
    "RepetitionTime": 0.556,
    "FlipAngle": 48,
    "EchoTime1": 0.03,
    "EchoTime2": 0.001,
    "PartialFourier": 0.875,
    "BaseResolution": 96,
    "ShimSetting": [
        6978,
        -3609,
        7923,
        379,
        -35,
        182,
        -143,
        21
    ],
    "TxRefAmp": 252.449,
    "PhaseResolution": 1,
    "PhaseOversampling": 0.1,
    "ReceiveCoilName": "Head_32",
    "ReceiveCoilActiveElements": "HEA;HEP",
    "PulseSequenceDetails": "%CustomerSeq%\\cmrr_mbep2d_bold",
    "WipMemBlock": "2327ed8f-40f2-4389-91b6-e4c18b5a9946||Sequence: R016 ve11c/master r/e634e98; Dec 19 2017 11:00:25 by eja",
    "CoilCombinationMethod": "Sum of Squares",
    "ConsistencyInfo": "N4_VE11C_LATEST_20160120",
    "MatrixCoilMode": "SENSE",
    "MultibandAccelerationFactor": 4,
    "PercentPhaseFOV": 100,
    "PercentSampling": 100,
    "EchoTrainLength": 93,
    "PhaseEncodingSteps": 93,
    "AcquisitionMatrixPE": 96,
    "ReconMatrixPE": 96,
    "BandwidthPerPixelPhaseEncode": 15.99,
    "EffectiveEchoSpacing": 0.000651449,
    "DerivedVendorReportedEchoSpacing": 0.000592226,
    "TotalReadoutTime": 0.0618876,
    "PixelBandwidth": 2480,
    "PhaseEncodingDirection": "j-",
    "SliceTiming": [
        0,
        0.305,
        0.075,
        0.3825,
        0.1525,
        0.4575,
        0.23,
        0,
        0.305,
        0.075,
        0.3825,
        0.1525,
        0.4575,
        0.23,
        0,
        0.305,
        0.075,
        0.3825,
        0.1525,
        0.4575,
        0.23,
        0,
        0.305,
        0.075,
        0.3825,
        0.1525,
        0.4575,
        0.23
    ],
    "ImageOrientationPatientDICOM": [
        1,
        0,
        0,
        0,
        0.978509,
        -0.206204
    ],
    "InPlanePhaseEncodingDirectionDICOM": "COL",
    "BidsGuess": [
        "func",
        "_acq-epfid2m4_dir-AP_run-32_part-phase_bold"
    ],
    "ConversionSoftware": "dcm2niix",
    "ConversionSoftwareVersion": "v1.0.20240202",
    "TaskName": "gump2",
    "Units": "arbitrary",
    "GradientSetType": "XR",
    "MRTransmitCoilSequence": "Unknown",
    "MTState": false,
    "InstitutionalDepartmentName": "Caltech Brain Imaging Center"
}