{
    "Modality": "MR",
    "MagneticFieldStrength": 3,
    "ImagingFrequency": 123.25,
    "Manufacturer": "Siemens",
    "ManufacturersModelName": "Prisma.Fit",
    "InstitutionName": "Caltech",
    "InstitutionalDepartmentName": "Caltech Brain Imaging Center",
    "InstitutionAddress": "1200 E California Blvd, Pasadena, CA 91125, USA",
    "DeviceSerialNumber": "167050",
    "StationName": "PRISMA",
    "SeriesInstanceUID": "1.3.12.2.1107.5.2.43.167050.2022060217263860394202204.0.0.0",
    "StudyInstanceUID": "1.3.12.2.1107.5.2.43.167050.30000022052717035853300000040",
    "ReferringPhysicianName": "Adolphs",
    "StudyID": "3",
    "PatientName": "Damy003",
    "PatientID": "Damy003",
    "AccessionNumber": "9496-016",
    "PatientBirthDate": "1966-03-01",
    "PatientSex": "M",
    "PatientWeight": 92.9865,
    "BodyPartExamined": "BRAIN",
    "PatientPosition": "HFS",
    "SoftwareVersions": "E11C",
    "MRAcquisitionType": "2D",
    "SeriesDescription": "seqtype-fmap_acq-planetearth2p1_dir-PA_epi",
    "ProtocolName": "seqtype-fmap_acq-planetearth2p1_dir-PA_epi",
    "ScanningSequence": "EP",
    "SequenceVariant": "SK\\OSP",
    "ScanOptions": "PFP\\FS",
    "SequenceName": "epse2d1_96",
    "ImageType": [
        "ORIGINAL",
        "PRIMARY",
        "M",
        "ND",
        "MOSAIC"
    ],
    "SeriesNumber": 43,
    "AcquisitionTime": "17:26:39.892500",
    "AcquisitionDateTime": "2022-06-02T17:26:39.892500",
    "AcquisitionNumber": 1,
    "ImageComments": "fw",
    "SliceThickness": 2,
    "SpacingBetweenSlices": 2,
    "SAR": 0.194716,
    "EchoTime": 0.053,
    "RepetitionTime": 2.769,
    "FlipAngle": 90,
    "PartialFourier": 0.875,
    "BaseResolution": 96,
    "ShimSetting": [
        6986,
        -3538,
        7980,
        72,
        -58,
        -180,
        -127,
        -35
    ],
    "TxRefAmp": 275.9,
    "PhaseResolution": 1,
    "PhaseOversampling": 0.1,
    "VendorReportedEchoSpacing": 0.00059,
    "ReceiveCoilName": "Head_32",
    "ReceiveCoilActiveElements": "HEA;HEP",
    "PulseSequenceDetails": "%CustomerSeq%\\cmrr_mbep2d_se",
    "WipMemBlock": "270e6afd-14ba-436c-a69b-5eaded228d29||Sequence: R016 ve11c/master r/e634e98; Dec 19 2017 11:22:56 by eja",
    "CoilCombinationMethod": "Sum of Squares",
    "ConsistencyInfo": "N4_VE11C_LATEST_20160120",
    "MatrixCoilMode": "SENSE",
    "PercentPhaseFOV": 100,
    "PercentSampling": 100,
    "EchoTrainLength": 93,
    "PhaseEncodingSteps": 93,
    "AcquisitionMatrixPE": 96,
    "ReconMatrixPE": 96,
    "BandwidthPerPixelPhaseEncode": 15.99,
    "EffectiveEchoSpacing": 0.000651449,
    "DerivedVendorReportedEchoSpacing": 0.000592226,
    "TotalReadoutTime": 0.0618876,
    "PixelBandwidth": 2480,
    "DwellTime": 2.1e-06,
    "PhaseEncodingDirection": "j",
    "SliceTiming": [
        1.3725,
        0,
        1.4725,
        0.0975,
        1.57,
        0.195,
        1.6675,
        0.2925,
        1.765,
        0.3925,
        1.865,
        0.49,
        1.9625,
        0.5875,
        2.06,
        0.685,
        2.16,
        0.785,
        2.2575,
        0.8825,
        2.355,
        0.98,
        2.4525,
        1.08,
        2.5525,
        1.1775,
        2.65,
        1.275
    ],
    "ImageOrientationPatientDICOM": [
        1,
        0,
        0,
        0,
        0.985109,
        -0.171929
    ],
    "ImageOrientationText": "Tra>Cor(-9.9)",
    "InPlanePhaseEncodingDirectionDICOM": "COL",
    "ConversionSoftware": "dcm2niix",
    "ConversionSoftwareVersion": "v1.0.20211006",
    "IntendedFor": [
        "ses-13/func/sub-Damy003_ses-13_task-planetearth2p1_part-mag_bold.nii.gz",
        "ses-13/func/sub-Damy003_ses-13_task-planetearth2p1_part-mag_sbref.nii.gz"
    ],
    "GradientSetType": "XR",
    "MRTransmitCoilSequence": "Unknown",
    "MTState": false
}