{
    "Modality": "MR",
    "MagneticFieldStrength": 3,
    "ImagingFrequency": 123.25,
    "Manufacturer": "Siemens",
    "ManufacturersModelName": "Prisma.Fit",
    "InstitutionName": "Caltech",
    "InstitutionalDepartmentName": "Caltech Brain Imaging Center",
    "InstitutionAddress": "1200 E California Blvd, Pasadena, CA 91125, USA",
    "DeviceSerialNumber": "167050",
    "StationName": "PRISMA",
    "SeriesInstanceUID": "1.3.12.2.1107.5.2.43.167050.2022042616165295345271430.0.0.0",
    "StudyInstanceUID": "1.3.12.2.1107.5.2.43.167050.30000022030122104527100000412",
    "ReferringPhysicianName": "Adolphs",
    "StudyID": "4",
    "PatientName": "DAmy002",
    "PatientID": "DAmy002",
    "AccessionNumber": "9451-011",
    "PatientBirthDate": "1996-07-01",
    "PatientSex": "F",
    "PatientWeight": 65.3173,
    "BodyPartExamined": "BRAIN",
    "PatientPosition": "HFS",
    "SoftwareVersions": "E11C",
    "MRAcquisitionType": "2D",
    "SeriesDescription": "acq-trailer_dir-AP_epi",
    "ProtocolName": "acq-trailer_dir-AP_epi",
    "ScanningSequence": "EP",
    "SequenceVariant": "SK\\OSP",
    "ScanOptions": "PFP\\FS",
    "SequenceName": "epse2d1_96",
    "ImageType": [
        "ORIGINAL",
        "PRIMARY",
        "M",
        "ND",
        "MOSAIC"
    ],
    "SeriesNumber": 17,
    "AcquisitionTime": "16:16:53.930000",
    "AcquisitionDateTime": "2022-04-26T16:16:53.930000",
    "AcquisitionNumber": 1,
    "SliceThickness": 2,
    "SpacingBetweenSlices": 2,
    "SAR": 0.219239,
    "EchoTime": 0.053,
    "RepetitionTime": 2.769,
    "FlipAngle": 90,
    "PartialFourier": 0.875,
    "BaseResolution": 96,
    "ShimSetting": [
        6986,
        -3562,
        7988,
        492,
        27,
        27,
        -95,
        6
    ],
    "TxRefAmp": 255.157,
    "PhaseResolution": 1,
    "PhaseOversampling": 0.1,
    "VendorReportedEchoSpacing": 0.00059,
    "ReceiveCoilName": "Head_32",
    "ReceiveCoilActiveElements": "HEA;HEP",
    "PulseSequenceDetails": "%CustomerSeq%\\cmrr_mbep2d_se",
    "WipMemBlock": "653ba838-b7e8-4fb1-aa1f-98ece67fe5d5||Sequence: R016 ve11c/master r/e634e98; Dec 19 2017 11:22:56 by eja",
    "CoilCombinationMethod": "Sum of Squares",
    "ConsistencyInfo": "N4_VE11C_LATEST_20160120",
    "MatrixCoilMode": "SENSE",
    "PercentPhaseFOV": 100,
    "PercentSampling": 100,
    "EchoTrainLength": 93,
    "PhaseEncodingSteps": 93,
    "AcquisitionMatrixPE": 96,
    "ReconMatrixPE": 96,
    "BandwidthPerPixelPhaseEncode": 15.99,
    "EffectiveEchoSpacing": 0.000651449,
    "DerivedVendorReportedEchoSpacing": 0.000592226,
    "TotalReadoutTime": 0.0618876,
    "PixelBandwidth": 2480,
    "DwellTime": 2.1e-06,
    "PhaseEncodingDirection": "j-",
    "SliceTiming": [
        1.375,
        0,
        1.4725,
        0.0975,
        1.57,
        0.1975,
        1.67,
        0.295,
        1.7675,
        0.3925,
        1.865,
        0.4925,
        1.965,
        0.59,
        2.0625,
        0.6875,
        2.16,
        0.785,
        2.2575,
        0.885,
        2.3575,
        0.9825,
        2.455,
        1.08,
        2.5525,
        1.1775,
        2.65,
        1.2775
    ],
    "ImageOrientationPatientDICOM": [
        1,
        0,
        0,
        0,
        0.987688,
        -0.156434
    ],
    "ImageOrientationText": "Tra>Cor(-9.0)",
    "InPlanePhaseEncodingDirectionDICOM": "COL",
    "ConversionSoftware": "dcm2niix",
    "ConversionSoftwareVersion": "v1.0.20211006",
    "IntendedFor": [
        "ses-6/func/sub-Damy002_ses-6_task-trailer_part-mag_bold.nii.gz",
        "ses-6/func/sub-Damy002_ses-6_task-trailer_part-mag_sbref.nii.gz"
    ],
    "GradientSetType": "XR",
    "MRTransmitCoilSequence": "Unknown",
    "MTState": false
}