{
    "Modality": "MR",
    "MagneticFieldStrength": 3,
    "ImagingFrequency": 123.250007,
    "Manufacturer": "Siemens",
    "ManufacturersModelName": "Prisma.Fit",
    "InstitutionName": "Caltech",
    "InstitutionAddress": "1200 E California Blvd, Pasadena, CA 91125, USA",
    "DeviceSerialNumber": "167050",
    "StationName": "PRISMA",
    "SeriesInstanceUID": "1.3.12.2.1107.5.2.43.167050.2025012415420886113312706.0.0.0",
    "StudyInstanceUID": "1.3.12.2.1107.5.2.43.167050.30000025011522404381400000061",
    "StudyID": "3",
    "PatientName": "Damy001",
    "PatientID": "Damy001",
    "AccessionNumber": "10135-024",
    "PatientBirthDate": "1963-01-01",
    "PatientSex": "M",
    "PatientWeight": 63.5029,
    "PatientAge": 62,
    "BodyPartExamined": "BRAIN",
    "PatientPosition": "HFS",
    "SoftwareVersions": "E11C",
    "MRAcquisitionType": "2D",
    "SeriesDescription": "acq-gump6_dir-PA_epi",
    "ProtocolName": "acq-gump6_dir-PA_epi",
    "ScanningSequence": "EP",
    "SequenceVariant": "SK\\OSP",
    "ScanOptions": "PFP\\FS",
    "SequenceName": "epse2d1_96",
    "ImageType": [
        "ORIGINAL",
        "PRIMARY",
        "P",
        "ND",
        "MOSAIC",
        "PHASE"
    ],
    "NonlinearGradientCorrection": false,
    "SeriesNumber": 37,
    "AcquisitionTime": "15:42:9.902500",
    "AcquisitionDateTime": "2025-01-24T15:42:9.902500",
    "AcquisitionNumber": 1,
    "SliceThickness": 2,
    "SpacingBetweenSlices": 2,
    "SAR": 0.208085,
    "EchoTime": 0.053,
    "RepetitionTime": 2.769,
    "FlipAngle": 90,
    "EchoTime1": 0.053,
    "EchoTime2": 0.001,
    "PartialFourier": 0.875,
    "BaseResolution": 96,
    "ShimSetting": [
        6982,
        -3583,
        7944,
        358,
        -65,
        163,
        -188,
        37
    ],
    "TxRefAmp": 251.589,
    "PhaseResolution": 1,
    "PhaseOversampling": 0.1,
    "VendorReportedEchoSpacing": 0.00059,
    "ReceiveCoilName": "Head_32",
    "ReceiveCoilActiveElements": "HEA;HEP",
    "PulseSequenceDetails": "%CustomerSeq%\\cmrr_mbep2d_se",
    "WipMemBlock": "fec61d95-f254-4f7b-af58-c5b5c946dcfe||Sequence: R016 ve11c/master r/e634e98; Dec 19 2017 11:22:56 by eja",
    "CoilCombinationMethod": "Sum of Squares",
    "ConsistencyInfo": "N4_VE11C_LATEST_20160120",
    "MatrixCoilMode": "SENSE",
    "PercentPhaseFOV": 100,
    "PercentSampling": 100,
    "EchoTrainLength": 93,
    "PhaseEncodingSteps": 93,
    "AcquisitionMatrixPE": 96,
    "ReconMatrixPE": 96,
    "BandwidthPerPixelPhaseEncode": 15.99,
    "EffectiveEchoSpacing": 0.000651449,
    "DerivedVendorReportedEchoSpacing": 0.000592226,
    "TotalReadoutTime": 0.0618876,
    "PixelBandwidth": 2480,
    "PhaseEncodingDirection": "j",
    "SliceTiming": [
        1.375,
        0,
        1.475,
        0.1,
        1.5725,
        0.1975,
        1.67,
        0.295,
        1.7675,
        0.395,
        1.8675,
        0.4925,
        1.965,
        0.59,
        2.0625,
        0.6875,
        2.16,
        0.7875,
        2.26,
        0.885,
        2.3575,
        0.9825,
        2.455,
        1.08,
        2.5525,
        1.18,
        2.6525,
        1.2775
    ],
    "ImageOrientationPatientDICOM": [
        1,
        0,
        0,
        0,
        0.97437,
        -0.224951
    ],
    "InPlanePhaseEncodingDirectionDICOM": "COL",
    "BidsGuess": [
        "fmap",
        "_acq-epse2_dir-PA_run-37_part-phase_epi"
    ],
    "ConversionSoftware": "dcm2niix",
    "ConversionSoftwareVersion": "v1.0.20240202",
    "IntendedFor": [],
    "Units": "arbitrary",
    "GradientSetType": "XR",
    "MRTransmitCoilSequence": "Unknown",
    "MTState": false,
    "InstitutionalDepartmentName": "Caltech Brain Imaging Center"
}