{
    "Modality": "MR",
    "MagneticFieldStrength": 3,
    "ImagingFrequency": 123.25,
    "Manufacturer": "Siemens",
    "ManufacturersModelName": "Prisma.Fit",
    "InstitutionName": "Caltech",
    "InstitutionalDepartmentName": "Caltech Brain Imaging Center",
    "InstitutionAddress": "1200 E California Blvd, Pasadena, CA 91125, USA",
    "DeviceSerialNumber": "167050",
    "StationName": "PRISMA",
    "SeriesInstanceUID": "1.3.12.2.1107.5.2.43.167050.2022041217371929153980632.0.0.0",
    "StudyInstanceUID": "1.3.12.2.1107.5.2.43.167050.30000022030122104527100000307",
    "ReferringPhysicianName": "Adolphs",
    "StudyID": "5",
    "PatientName": "DAmy003",
    "PatientID": "Damy003",
    "AccessionNumber": "9431-006",
    "PatientBirthDate": "1966-03-01",
    "PatientSex": "M",
    "PatientWeight": 92.9865,
    "BodyPartExamined": "BRAIN",
    "PatientPosition": "HFS",
    "SoftwareVersions": "E11C",
    "MRAcquisitionType": "2D",
    "SeriesDescription": "task-gump5R_bold_SBRef",
    "ProtocolName": "task-gump5R_bold",
    "ScanningSequence": "EP",
    "SequenceVariant": "SK\\SS\\OSP",
    "ScanOptions": "PFP\\FS\\EXT",
    "SequenceName": "epfid2d1_96",
    "ImageType": [
        "ORIGINAL",
        "PRIMARY",
        "P",
        "ND",
        "MOSAIC",
        "PHASE"
    ],
    "SeriesNumber": 25,
    "AcquisitionTime": "17:37:20.165000",
    "AcquisitionDateTime": "2022-04-12T17:37:20.165000",
    "AcquisitionNumber": 1,
    "ImageComments": "Single-band reference",
    "SliceThickness": 2,
    "SpacingBetweenSlices": 2,
    "SAR": 0.0596227,
    "EchoTime": 0.03,
    "RepetitionTime": 0.556,
    "FlipAngle": 48,
    "EchoTime1": 0.03,
    "EchoTime2": 0.001,
    "PartialFourier": 0.875,
    "BaseResolution": 96,
    "ShimSetting": [
        6977,
        -3539,
        7916,
        161,
        -20,
        -9,
        69,
        28
    ],
    "TxRefAmp": 279.816,
    "PhaseResolution": 1,
    "PhaseOversampling": 0.1,
    "ReceiveCoilName": "Head_32",
    "ReceiveCoilActiveElements": "HEA;HEP",
    "PulseSequenceDetails": "%CustomerSeq%\\cmrr_mbep2d_bold",
    "WipMemBlock": "52a71657-9170-4ca8-8aed-b61fefac16b9||Sequence: R016 ve11c/master r/e634e98; Dec 19 2017 11:00:25 by eja",
    "CoilCombinationMethod": "Sum of Squares",
    "ConsistencyInfo": "N4_VE11C_LATEST_20160120",
    "MatrixCoilMode": "SENSE",
    "PercentPhaseFOV": 100,
    "PercentSampling": 100,
    "EchoTrainLength": 93,
    "PhaseEncodingSteps": 93,
    "AcquisitionMatrixPE": 96,
    "ReconMatrixPE": 96,
    "BandwidthPerPixelPhaseEncode": 15.99,
    "EffectiveEchoSpacing": 0.000651449,
    "DerivedVendorReportedEchoSpacing": 0.000592226,
    "TotalReadoutTime": 0.0618876,
    "PixelBandwidth": 2480,
    "DwellTime": 2.1e-06,
    "PhaseEncodingDirection": "j-",
    "SliceTiming": [
        0,
        0.075,
        0.1525,
        0.2275,
        0.305,
        0.3825,
        0.4575,
        0.535,
        0.6125,
        0.6875,
        0.765,
        0.84,
        0.9175,
        0.995,
        1.07,
        1.1475,
        1.225,
        1.3,
        1.3775,
        1.4525,
        1.53,
        1.6075,
        1.6825,
        1.76,
        1.835,
        1.9125,
        1.99,
        2.065
    ],
    "ImageOrientationPatientDICOM": [
        1,
        0,
        0,
        0,
        0.951594,
        -0.307357
    ],
    "ImageOrientationText": "Tra>Cor(-17.9)",
    "InPlanePhaseEncodingDirectionDICOM": "COL",
    "ConversionSoftware": "dcm2niix",
    "ConversionSoftwareVersion": "v1.0.20211006",
    "TaskName": "gump5R",
    "Units": "arbitrary",
    "GradientSetType": "XR",
    "MRTransmitCoilSequence": "Unknown",
    "MTState": false
}