{
    "Modality": "MR",
    "MagneticFieldStrength": 3,
    "ImagingFrequency": 123.25,
    "Manufacturer": "Siemens",
    "ManufacturersModelName": "Prisma.Fit",
    "InstitutionName": "Caltech",
    "InstitutionalDepartmentName": "Caltech Brain Imaging Center",
    "InstitutionAddress": "1200 E California Blvd, Pasadena, CA 91125, USA",
    "DeviceSerialNumber": "167050",
    "StationName": "PRISMA",
    "SeriesInstanceUID": "1.3.12.2.1107.5.2.43.167050.2022030116451239626060227.0.0.0",
    "StudyInstanceUID": "1.3.12.2.1107.5.2.43.167050.30000022030122104527100000004",
    "ReferringPhysicianName": "Adolphs",
    "StudyID": "1",
    "PatientName": "Damy003",
    "PatientID": "Damy003",
    "AccessionNumber": "9307-002",
    "PatientBirthDate": "1966-03-01",
    "PatientSex": "M",
    "PatientWeight": 92.9865,
    "BodyPartExamined": "BRAIN",
    "PatientPosition": "HFS",
    "SoftwareVersions": "E11C",
    "MRAcquisitionType": "2D",
    "SeriesDescription": "task-fobs_run-01_dir-AP_bold_SBRef",
    "ProtocolName": "task-fobs_run-01_dir-AP_bold",
    "ScanningSequence": "EP",
    "SequenceVariant": "SK\\SS\\OSP",
    "ScanOptions": "FS\\EXT",
    "SequenceName": "epfid2d1_80",
    "ImageType": [
        "ORIGINAL",
        "PRIMARY",
        "M",
        "ND",
        "MOSAIC"
    ],
    "NonlinearGradientCorrection": false,
    "SeriesNumber": 20,
    "AcquisitionTime": "16:47:57.732500",
    "AcquisitionDateTime": "2022-03-01T16:47:57.732500",
    "AcquisitionNumber": 1,
    "ImageComments": "Single-band reference",
    "SliceThickness": 2.5,
    "SpacingBetweenSlices": 2.5,
    "SAR": 0.0624114,
    "EchoTime": 0.03,
    "RepetitionTime": 1,
    "FlipAngle": 53,
    "PartialFourier": 1,
    "BaseResolution": 80,
    "ShimSetting": [
        6981,
        -3613,
        7917,
        204,
        -49,
        3,
        59,
        -36
    ],
    "TxRefAmp": 276.117,
    "PhaseResolution": 1,
    "PhaseOversampling": 0.1,
    "ReceiveCoilName": "Head_32",
    "ReceiveCoilActiveElements": "HEA;HEP",
    "PulseSequenceDetails": "%CustomerSeq%\\cmrr_mbep2d_bold",
    "WipMemBlock": "b6eb0434-7353-4b5c-ae48-82c4dec32d71||Sequence: R016 ve11c/master r/e634e98; Dec 19 2017 11:00:25 by eja",
    "CoilCombinationMethod": "Sum of Squares",
    "ConsistencyInfo": "N4_VE11C_LATEST_20160120",
    "MatrixCoilMode": "SENSE",
    "PercentPhaseFOV": 100,
    "PercentSampling": 100,
    "EchoTrainLength": 88,
    "PhaseEncodingSteps": 88,
    "AcquisitionMatrixPE": 80,
    "ReconMatrixPE": 80,
    "BandwidthPerPixelPhaseEncode": 23.191,
    "EffectiveEchoSpacing": 0.000539002,
    "DerivedVendorReportedEchoSpacing": 0.000490002,
    "TotalReadoutTime": 0.0425812,
    "PixelBandwidth": 2715,
    "DwellTime": 2.3e-06,
    "PhaseEncodingDirection": "j-",
    "SliceTiming": [
        0,
        0.075,
        0.15,
        0.2275,
        0.3025,
        0.3775,
        0.4525,
        0.5275,
        0.6025,
        0.6775,
        0.755,
        0.83,
        0.905,
        0.98,
        1.055,
        1.13,
        1.2075,
        1.2825,
        1.3575,
        1.4325,
        1.5075,
        1.5825,
        1.6575,
        1.735,
        1.81,
        1.885,
        1.96,
        2.035,
        2.11,
        2.185,
        2.2625,
        2.3375,
        2.4125,
        2.4875,
        2.5625,
        2.6375,
        2.715,
        2.79,
        2.865,
        2.94,
        3.015,
        3.09,
        3.165,
        3.2425,
        3.3175,
        3.3925,
        3.4675,
        3.5425,
        3.6175,
        3.695,
        3.77,
        3.845,
        3.92,
        3.995,
        4.07,
        4.145,
        4.2225,
        4.2975,
        4.3725,
        4.4475,
        4.5225,
        4.5975,
        4.6725,
        4.75,
        4.825
    ],
    "ImageOrientationPatientDICOM": [
        1,
        0,
        0,
        0,
        0.939693,
        -0.34202
    ],
    "ImageOrientationText": "Tra>Cor(-20.0)",
    "InPlanePhaseEncodingDirectionDICOM": "COL",
    "ConversionSoftware": "dcm2niix",
    "ConversionSoftwareVersion": "v1.0.20220720",
    "TaskName": "fobs",
    "GradientSetType": "XR",
    "MRTransmitCoilSequence": "Unknown",
    "MTState": false
}