{
    "Modality": "MR",
    "MagneticFieldStrength": 3,
    "ImagingFrequency": 123.25,
    "Manufacturer": "Siemens",
    "ManufacturersModelName": "Prisma.Fit",
    "InstitutionName": "Caltech",
    "InstitutionalDepartmentName": "Caltech Brain Imaging Center",
    "InstitutionAddress": "1200 E California Blvd, Pasadena, CA 91125, USA",
    "DeviceSerialNumber": "167050",
    "StationName": "PRISMA",
    "SeriesInstanceUID": "1.3.12.2.1107.5.2.43.167050.2022022216463375671246397.0.0.0",
    "StudyInstanceUID": "1.3.12.2.1107.5.2.43.167050.30000022021105063319300000100",
    "ReferringPhysicianName": "tyszka",
    "StudyID": "2",
    "PatientName": "DAmy003",
    "PatientID": "Damy003",
    "AccessionNumber": "9347-001",
    "PatientBirthDate": "1966-03-01",
    "PatientSex": "M",
    "PatientWeight": 92.9865,
    "BodyPartExamined": "BRAIN",
    "PatientPosition": "HFS",
    "SoftwareVersions": "E11C",
    "MRAcquisitionType": "2D",
    "SeriesDescription": "task-fobs_run-01_dir-AP_bold_SBRef",
    "ProtocolName": "task-fobs_run-01_dir-AP_bold",
    "ScanningSequence": "EP",
    "SequenceVariant": "SK\\SS\\OSP",
    "ScanOptions": "FS\\EXT",
    "SequenceName": "epfid2d1_80",
    "ImageType": [
        "ORIGINAL",
        "PRIMARY",
        "M",
        "ND",
        "MOSAIC"
    ],
    "NonlinearGradientCorrection": false,
    "SeriesNumber": 22,
    "AcquisitionTime": "16:47:52.130000",
    "AcquisitionDateTime": "2022-02-22T16:47:52.130000",
    "AcquisitionNumber": 1,
    "ImageComments": "Single-band reference",
    "SliceThickness": 2.5,
    "SpacingBetweenSlices": 2.5,
    "SAR": 0.0607796,
    "EchoTime": 0.03,
    "RepetitionTime": 1,
    "FlipAngle": 53,
    "PartialFourier": 1,
    "BaseResolution": 80,
    "ShimSetting": [
        6993,
        -3598,
        7921,
        239,
        -50,
        43,
        37,
        -41
    ],
    "TxRefAmp": 275.354,
    "PhaseResolution": 1,
    "PhaseOversampling": 0.1,
    "ReceiveCoilName": "Head_32",
    "ReceiveCoilActiveElements": "HEA;HEP",
    "PulseSequenceDetails": "%CustomerSeq%\\cmrr_mbep2d_bold",
    "WipMemBlock": "47e0ac6b-6305-4a75-9f7e-7597137b4ef9||Sequence: R016 ve11c/master r/e634e98; Dec 19 2017 11:00:25 by eja",
    "CoilCombinationMethod": "Sum of Squares",
    "ConsistencyInfo": "N4_VE11C_LATEST_20160120",
    "MatrixCoilMode": "SENSE",
    "PercentPhaseFOV": 100,
    "PercentSampling": 100,
    "EchoTrainLength": 88,
    "PhaseEncodingSteps": 88,
    "AcquisitionMatrixPE": 80,
    "ReconMatrixPE": 80,
    "BandwidthPerPixelPhaseEncode": 23.191,
    "EffectiveEchoSpacing": 0.000539002,
    "DerivedVendorReportedEchoSpacing": 0.000490002,
    "TotalReadoutTime": 0.0425812,
    "PixelBandwidth": 2715,
    "DwellTime": 2.3e-06,
    "PhaseEncodingDirection": "j-",
    "SliceTiming": [
        0,
        0.075,
        0.15,
        0.225,
        0.3,
        0.3775,
        0.4525,
        0.5275,
        0.6025,
        0.6775,
        0.7525,
        0.8275,
        0.905,
        0.98,
        1.055,
        1.13,
        1.205,
        1.28,
        1.3575,
        1.4325,
        1.5075,
        1.5825,
        1.6575,
        1.7325,
        1.8075,
        1.885,
        1.96,
        2.035,
        2.11,
        2.185,
        2.26,
        2.3375,
        2.4125,
        2.4875,
        2.5625,
        2.6375,
        2.7125,
        2.7875,
        2.865,
        2.94,
        3.015,
        3.09,
        3.165,
        3.24,
        3.315,
        3.3925,
        3.4675,
        3.5425,
        3.6175,
        3.6925,
        3.7675,
        3.845,
        3.92,
        3.995,
        4.07,
        4.145,
        4.22,
        4.295,
        4.3725,
        4.4475,
        4.5225,
        4.5975,
        4.6725,
        4.7475,
        4.825
    ],
    "ImageOrientationPatientDICOM": [
        1,
        0,
        0,
        0,
        0.939693,
        -0.34202
    ],
    "ImageOrientationText": "Tra>Cor(-20.0)",
    "InPlanePhaseEncodingDirectionDICOM": "COL",
    "ConversionSoftware": "dcm2niix",
    "ConversionSoftwareVersion": "v1.0.20220720",
    "TaskName": "fobs",
    "GradientSetType": "XR",
    "MRTransmitCoilSequence": "Unknown",
    "MTState": false
}