{
    "Modality": "MR",
    "MagneticFieldStrength": 3,
    "ImagingFrequency": 123.25,
    "Manufacturer": "Siemens",
    "ManufacturersModelName": "Prisma.Fit",
    "InstitutionName": "Caltech",
    "InstitutionalDepartmentName": "Caltech Brain Imaging Center",
    "InstitutionAddress": "1200 E California Blvd, Pasadena, CA 91125, USA",
    "DeviceSerialNumber": "167050",
    "StationName": "PRISMA",
    "SeriesInstanceUID": "1.3.12.2.1107.5.2.43.167050.2022060914472965705711386.0.0.0",
    "StudyInstanceUID": "1.3.12.2.1107.5.2.43.167050.30000022060822500546500000022",
    "ReferringPhysicianName": "Adolphs",
    "StudyID": "5",
    "PatientName": "Damy002",
    "PatientID": "Damy002",
    "AccessionNumber": "9506-018",
    "PatientBirthDate": "1996-07-01",
    "PatientSex": "F",
    "PatientWeight": 61.235,
    "BodyPartExamined": "BRAIN",
    "PatientPosition": "HFS",
    "SoftwareVersions": "E11C",
    "MRAcquisitionType": "3D",
    "SeriesDescription": "seqtype-anat_T2w",
    "ProtocolName": "seqtype-anat_T2w",
    "ScanningSequence": "SE",
    "SequenceVariant": "SK\\SP\\OSP",
    "ScanOptions": "PFP",
    "SequenceName": "*spc_314ns",
    "ImageType": [
        "ORIGINAL",
        "PRIMARY",
        "M",
        "ND",
        "NORM"
    ],
    "SeriesNumber": 8,
    "AcquisitionTime": "14:41:52.792500",
    "AcquisitionDateTime": "2022-06-09T14:41:52.792500",
    "AcquisitionNumber": 1,
    "ImageComments": "fw",
    "SliceThickness": 0.9,
    "SAR": 0.191988,
    "EchoTime": 0.564,
    "RepetitionTime": 3.2,
    "SpoilingState": true,
    "FlipAngle": 120,
    "PartialFourier": 1,
    "BaseResolution": 256,
    "ShimSetting": [
        6994,
        -3682,
        7950,
        315,
        0,
        -109,
        2,
        -24
    ],
    "TxRefAmp": 251.62,
    "PhaseResolution": 1,
    "PhaseOversampling": 0.1,
    "ReceiveCoilName": "Head_32",
    "ReceiveCoilActiveElements": "HEA;HEP",
    "PulseSequenceDetails": "%SiemensSeq%\\tse_vfl",
    "RefLinesPE": 32,
    "CoilCombinationMethod": "Adaptive Combine",
    "ConsistencyInfo": "N4_VE11C_LATEST_20160120",
    "MatrixCoilMode": "GRAPPA",
    "PercentPhaseFOV": 100,
    "PercentSampling": 100,
    "EchoTrainLength": 314,
    "PhaseEncodingSteps": 274,
    "AcquisitionMatrixPE": 256,
    "ReconMatrixPE": 256,
    "ParallelReductionFactorInPlane": 2,
    "PixelBandwidth": 750,
    "DwellTime": 2.6e-06,
    "PhaseEncodingDirection": "i",
    "ImageOrientationPatientDICOM": [
        0,
        1,
        0,
        0,
        0,
        -1
    ],
    "ImageOrientationText": "Sag",
    "InPlanePhaseEncodingDirectionDICOM": "ROW",
    "ConversionSoftware": "dcm2niix",
    "ConversionSoftwareVersion": "v1.0.20211006",
    "GradientSetType": "XR",
    "MRTransmitCoilSequence": "Unknown",
    "MTState": false
}