{
    "Modality": "MR",
    "MagneticFieldStrength": 3,
    "ImagingFrequency": 123.249972,
    "Manufacturer": "Siemens",
    "ManufacturersModelName": "Prisma.Fit",
    "InstitutionName": "Caltech",
    "InstitutionAddress": "1200 E California Blvd, Pasadena, CA 91125, USA",
    "DeviceSerialNumber": "167050",
    "StationName": "PRISMA",
    "SeriesInstanceUID": "1.3.12.2.1107.5.2.43.167050.2025012810331633336548957.0.0.0",
    "StudyInstanceUID": "1.3.12.2.1107.5.2.43.167050.30000025012816051351400000004",
    "StudyID": "2",
    "PatientName": "Damy003",
    "PatientID": "Damy003",
    "AccessionNumber": "10137-20",
    "PatientBirthDate": "1966-03-01",
    "PatientSex": "M",
    "PatientWeight": 88.4505,
    "PatientAge": 58,
    "BodyPartExamined": "BRAIN",
    "PatientPosition": "HFS",
    "ProcedureStepDescription": "Gumpv2",
    "SoftwareVersions": "E11C",
    "MRAcquisitionType": "2D",
    "SeriesDescription": "task-gump1_bold",
    "ProtocolName": "task-gump1_bold",
    "ScanningSequence": "EP",
    "SequenceVariant": "SK\\SS\\OSP",
    "ScanOptions": "PFP\\FS\\EXT",
    "SequenceName": "epfid2d1_96",
    "ImageType": [
        "ORIGINAL",
        "PRIMARY",
        "P",
        "MB",
        "ND",
        "MOSAIC",
        "PHASE"
    ],
    "NonlinearGradientCorrection": false,
    "SeriesNumber": 20,
    "AcquisitionTime": "10:33:35.432500",
    "AcquisitionDateTime": "2025-01-28T10:33:35.432500",
    "AcquisitionNumber": 1,
    "ImageComments": "Unaliased MB4/PE3/LB",
    "SliceThickness": 2,
    "SpacingBetweenSlices": 2,
    "SAR": 0.0558801,
    "EchoTime": 0.03,
    "RepetitionTime": 0.556,
    "FlipAngle": 48,
    "EchoTime1": 0.03,
    "EchoTime2": 0.001,
    "PartialFourier": 0.875,
    "BaseResolution": 96,
    "ShimSetting": [
        6986,
        -3567,
        7946,
        165,
        -91,
        -182,
        66,
        2
    ],
    "TxRefAmp": 272.057,
    "PhaseResolution": 1,
    "PhaseOversampling": 0.1,
    "ReceiveCoilName": "Head_32",
    "ReceiveCoilActiveElements": "HEA;HEP",
    "PulseSequenceDetails": "%CustomerSeq%\\cmrr_mbep2d_bold",
    "WipMemBlock": "67948e8b-5e9f-4917-a5d6-4a865c5bedf8||Sequence: R016 ve11c/master r/e634e98; Dec 19 2017 11:00:25 by eja",
    "CoilCombinationMethod": "Sum of Squares",
    "ConsistencyInfo": "N4_VE11C_LATEST_20160120",
    "MatrixCoilMode": "SENSE",
    "MultibandAccelerationFactor": 4,
    "PercentPhaseFOV": 100,
    "PercentSampling": 100,
    "EchoTrainLength": 93,
    "PhaseEncodingSteps": 93,
    "AcquisitionMatrixPE": 96,
    "ReconMatrixPE": 96,
    "BandwidthPerPixelPhaseEncode": 15.99,
    "EffectiveEchoSpacing": 0.000651449,
    "DerivedVendorReportedEchoSpacing": 0.000592226,
    "TotalReadoutTime": 0.0618876,
    "PixelBandwidth": 2480,
    "PhaseEncodingDirection": "j-",
    "SliceTiming": [
        0,
        0.3075,
        0.0775,
        0.3825,
        0.155,
        0.46,
        0.23,
        0,
        0.3075,
        0.0775,
        0.3825,
        0.155,
        0.46,
        0.23,
        0,
        0.3075,
        0.0775,
        0.3825,
        0.155,
        0.46,
        0.23,
        0,
        0.3075,
        0.0775,
        0.3825,
        0.155,
        0.46,
        0.23
    ],
    "ImageOrientationPatientDICOM": [
        1,
        0,
        0,
        0,
        0.978509,
        -0.206204
    ],
    "InPlanePhaseEncodingDirectionDICOM": "COL",
    "BidsGuess": [
        "func",
        "_acq-epfid2m4_dir-AP_run-20_part-phase_bold"
    ],
    "ConversionSoftware": "dcm2niix",
    "ConversionSoftwareVersion": "v1.0.20240202",
    "TaskName": "gump1",
    "Units": "arbitrary",
    "GradientSetType": "XR",
    "MRTransmitCoilSequence": "Unknown",
    "MTState": false,
    "InstitutionalDepartmentName": "Caltech Brain Imaging Center"
}